GEM
  remote: http://rubygems.org/
  specs:
    multi_json (1.15.0)
    rgeo (3.0.1)
    rgeo-geojson (2.2.0)
      multi_json (~> 1.15)
      rgeo (>= 1.0.0)

PLATFORMS
  arm64-darwin-23
  ruby

DEPENDENCIES
  rgeo
  rgeo-geojson

BUNDLED WITH
   2.5.9
